GEM
  remote: https://rubygems.org/
  remote: https://rails-assets.org/
  specs:
    actionmailer (4.1.15)
      actionpack (= 4.1.15)
      actionview (= 4.1.15)
      mail (~> 2.5, >= 2.5.4)
    actionpack (4.1.15)
      actionview (= 4.1.15)
      activesupport (= 4.1.15)
      rack (~> 1.5.2)
      rack-test (~> 0.6.2)
    actionview (4.1.15)
      activesupport (= 4.1.15)
      builder (~> 3.1)
      erubis (~> 2.7.0)
    activemodel (4.1.15)
      activesupport (= 4.1.15)
      builder (~> 3.1)
    activerecord (4.1.15)
      activemodel (= 4.1.15)
      activesupport (= 4.1.15)
      arel (~> 5.0.0)
    activesupport (4.1.15)
      i18n (~> 0.6, >= 0.6.9)
      json (~> 1.7, >= 1.7.7)
      minitest (~> 5.1)
      thread_safe (~> 0.1)
      tzinfo (~> 1.1)
    arel (5.0.1.20140414130214)
    bcrypt (3.1.11)
    better_errors (2.1.1)
      coderay (>= 1.0.0)
      erubis (>= 2.6.6)
      rack (>= 0.9.0)
    binding_of_caller (0.7.2)
      debug_inspector (>= 0.0.1)
    builder (3.2.2)
    coderay (1.1.1)
    coffee-rails (4.0.1)
      coffee-script (>= 2.2.0)
      railties (>= 4.0.0, < 5.0)
    coffee-script (2.4.1)
      coffee-script-source
      execjs
    coffee-script-source (1.10.0)
    debug_inspector (0.0.2)
    devise (3.5.8)
      bcrypt (~> 3.0)
      orm_adapter (~> 0.1)
      railties (>= 3.2.6, < 5)
      responders
      thread_safe (~> 0.1)
      warden (~> 1.2.3)
    dotenv (2.1.1)
    dotenv-rails (2.1.1)
      dotenv (= 2.1.1)
      railties (>= 4.0, < 5.1)
    erubis (2.7.0)
    execjs (2.6.0)
    faker (1.6.3)
      i18n (~> 0.5)
    faraday (0.9.2)
      multipart-post (>= 1.2, < 3)
    filewatcher (0.5.3)
      trollop (~> 2.0)
    gon (6.0.1)
      actionpack (>= 3.0)
      json
      multi_json
      request_store (>= 1.0)
    hashie (3.4.4)
    hike (1.2.3)
    i18n (0.7.0)
    jbuilder (2.4.1)
      activesupport (>= 3.0.0, < 5.1)
      multi_json (~> 1.2)
    jquery-rails (3.1.4)
      railties (>= 3.0, < 5.0)
      thor (>= 0.14, < 2.0)
    jquery-turbolinks (2.1.0)
      railties (>= 3.1.0)
      turbolinks
    json (1.8.3)
    jwt (1.5.1)
    mail (2.6.4)
      mime-types (>= 1.16, < 4)
    mime-types (3.0)
      mime-types-data (~> 3.2015)
    mime-types-data (3.2016.0221)
    minitest (5.8.4)
    multi_json (1.11.3)
    multi_xml (0.5.5)
    multipart-post (2.0.0)
    non-stupid-digest-assets (1.0.8)
      sprockets (>= 2.0)
    oauth2 (1.1.0)
      faraday (>= 0.8, < 0.10)
      jwt (~> 1.0, < 1.5.2)
      multi_json (~> 1.3)
      multi_xml (~> 0.5)
      rack (>= 1.2, < 3)
    omniauth (1.3.1)
      hashie (>= 1.2, < 4)
      rack (>= 1.0, < 3)
    omniauth-google-oauth2 (0.4.0)
      jwt (~> 1.5.0)
      multi_json (~> 1.3)
      omniauth (>= 1.1.1)
      omniauth-oauth2 (>= 1.3.1)
    omniauth-oauth2 (1.4.0)
      oauth2 (~> 1.0)
      omniauth (~> 1.2)
    orm_adapter (0.5.0)
    pg (0.18.4)
    puma (3.4.0)
    quiet_assets (1.1.0)
      railties (>= 3.1, < 5.0)
    rack (1.5.2)
    rack-test (0.6.3)
      rack (>= 1.0)
    rails (4.1.15)
      actionmailer (= 4.1.15)
      actionpack (= 4.1.15)
      actionview (= 4.1.15)
      activemodel (= 4.1.15)
      activerecord (= 4.1.15)
      activesupport (= 4.1.15)
      bundler (>= 1.3.0, < 2.0)
      railties (= 4.1.15)
      sprockets-rails (~> 2.0)
    rails-assets-bootstrap-sass-official (3.3.6)
      rails-assets-jquery (>= 1.9.0)
    rails-assets-jquery (2.2.3)
    railties (4.1.15)
      actionpack (= 4.1.15)
      activesupport (= 4.1.15)
      rake (>= 0.8.7)
      thor (>= 0.18.1, < 2.0)
    rake (0.9.6)
    rdoc (4.2.2)
      json (~> 1.4)
    request_store (1.3.1)
    responders (1.1.2)
      railties (>= 3.2, < 4.2)
    rufus-scheduler (3.2.0)
    sass (3.2.19)
    sass-rails (4.0.5)
      railties (>= 4.0.0, < 5.0)
      sass (~> 3.2.2)
      sprockets (~> 2.8, < 3.0)
      sprockets-rails (~> 2.0)
    sdoc (0.4.1)
      json (~> 1.7, >= 1.7.7)
      rdoc (~> 4.0)
    slim (3.0.6)
      temple (~> 0.7.3)
      tilt (>= 1.3.3, < 2.1)
    slim-rails (3.0.1)
      actionmailer (>= 3.1, < 5.0)
      actionpack (>= 3.1, < 5.0)
      activesupport (>= 3.1, < 5.0)
      railties (>= 3.1, < 5.0)
      slim (~> 3.0)
    sprockets (2.12.4)
      hike (~> 1.2)
      multi_json (~> 1.0)
      rack (~> 1.0)
      tilt (~> 1.1, != 1.3.0)
    sprockets-rails (2.3.3)
      actionpack (>= 3.0)
      activesupport (>= 3.0)
      sprockets (>= 2.8, < 4.0)
    sqlite3 (1.3.11)
    temple (0.7.6)
    thor (0.19.1)
    thread_safe (0.3.5)
    tilt (1.4.1)
    trollop (2.1.2)
    turbolinks (2.5.3)
      coffee-rails
    tzinfo (1.2.2)
      thread_safe (~> 0.1)
    uglifier (3.0.0)
      execjs (>= 0.3.0, < 3)
    warden (1.2.6)
      rack (>= 1.0)
    will_paginate (3.1.0)
    yaml_db (0.3.0)
      rails (>= 3.0, < 4.3)
      rake (>= 0.8.7)

PLATFORMS
  ruby

DEPENDENCIES
  better_errors
  binding_of_caller
  coffee-rails (~> 4.0.0)
  devise
  dotenv-rails
  faker
  filewatcher
  gon
  jbuilder (~> 2.0)
  jquery-rails
  jquery-turbolinks
  minitest
  non-stupid-digest-assets
  omniauth
  omniauth-google-oauth2
  pg
  puma
  quiet_assets
  rack (= 1.5.2)
  rails (= 4.1.15)
  rails-assets-bootstrap-sass-official!
  rake (= 0.9.6)
  rufus-scheduler
  sass-rails (~> 4.0.5)
  sdoc (~> 0.4.0)
  slim-rails
  sqlite3
  thor
  turbolinks
  uglifier (>= 1.3.0)
  will_paginate
  yaml_db

BUNDLED WITH
   1.12.0
